GEM
  remote: https://rubygems.org/
  specs:
    csv (3.0.4)
    debase (0.2.2)
      debase-ruby_core_source (>= 0.10.2)
    debase-ruby_core_source (0.10.4)
    gnuplot (2.6.2)
    rake (12.3.2)
    ruby-debug-ide (0.6.1)
      rake (>= 0.8.1)

PLATFORMS
  ruby

DEPENDENCIES
  csv
  debase
  gnuplot
  ruby-debug-ide

BUNDLED WITH
   1.16.6
